GEM
  remote: http://rubygems.org/
  specs:
    curb (0.8.0)
    domain_name (0.5.3)
      unf (~> 0.0.3)
    git (1.2.5)
    hpricot (0.8.6)
    jeweler (1.8.3)
      bundler (~> 1.0)
      git (>= 1.2.5)
      rake
      rdoc
    json (1.5.3)
    mechanize (2.3)
      domain_name (~> 0.5, >= 0.5.1)
      mime-types (~> 1.17, >= 1.17.2)
      net-http-digest_auth (~> 1.1, >= 1.1.1)
      net-http-persistent (~> 2.5, >= 2.5.2)
      nokogiri (~> 1.4)
      ntlm-http (~> 0.1, >= 0.1.1)
      webrobots (~> 0.0, >= 0.0.9)
    metaclass (0.0.1)
    mime-types (1.18)
    minitest (2.12.0)
    mocha (0.10.5)
      metaclass (~> 0.0.1)
    multi_json (1.2.0)
    net-http-digest_auth (1.2)
    net-http-persistent (2.6)
    nokogiri (1.5.2)
    ntlm-http (0.1.1)
    rake (0.9.2.2)
    rdoc (3.12)
      json (~> 1.4)
    simplecov (0.6.1)
      multi_json (~> 1.0)
      simplecov-html (~> 0.5.3)
    simplecov-html (0.5.3)
    unf (0.0.5)
      unf_ext
    unf_ext (0.0.4)
    webrobots (0.0.13)
    yard (0.7.5)

PLATFORMS
  ruby

DEPENDENCIES
  bundler (>= 1.1.0)
  curb (>= 0.8.0)
  hpricot (>= 0.8.6)
  jeweler (>= 1.8.3)
  json (>= 1.0.0)
  mechanize (>= 2.3.0)
  minitest (>= 2.11.2)
  mocha (>= 0.10.5)
  nokogiri (>= 1.5.2)
  rdoc (>= 3.12)
  simplecov (>= 0.6.1)
  yard (>= 0.7.5)
